GEM
  remote: https://rubygems.org/
  specs:
    yaml (0.2.0)

PLATFORMS
  x86_64-linux

DEPENDENCIES
  yaml

BUNDLED WITH
   2.3.5
